GEM
  remote: https://rubygems.org/
  specs:
    puma (3.9.1)
    rack (2.1.4.1)

PLATFORMS
  ruby

DEPENDENCIES
  puma
  rack

BUNDLED WITH
   1.14.6
